GIT
  remote: https://github.com/VasiliyNovosad/tinymce-rails-imageupload.git
  revision: fbcac3fd5410ccc40598a940b1375518bb61e39b
  specs:
    tinymce-rails-imageupload (4.0.18.beta.3)
      railties (>= 3.2, < 6)
      tinymce-rails (~> 4.0)

GIT
  remote: https://github.com/VasiliyNovosad/touchpunch-rails.git
  revision: 8b68a75c931fb831a01f6f6aff4797c8a4663a5e
  specs:
    touchpunch-rails (1.0.3)
      railties (>= 3.1)

GIT
  remote: https://github.com/swanandp/acts_as_list.git
  revision: ddbba24b9bff6993602859dcb8ec9f382bdbb8e9
  specs:
    acts_as_list (1.0.4)
      activerecord (>= 4.2)

GEM
  remote: https://rails-assets.org/
  specs:
    rails-assets-datetimepicker (2.5.20)
      rails-assets-jquery (>= 1.7.2)
      rails-assets-jquery-mousewheel (>= 3.1.13)
      rails-assets-php-date-formatter (>= 1.3.3)
    rails-assets-jquery (3.6.1)
    rails-assets-jquery-mousewheel (3.1.13)
      rails-assets-jquery (>= 1.2.2)
    rails-assets-php-date-formatter (1.3.5)

GEM
  remote: https://rubygems.org/
  specs:
    actioncable (5.2.8.1)
      actionpack (= 5.2.8.1)
      nio4r (~> 2.0)
      websocket-driver (>= 0.6.1)
    actionmailer (5.2.8.1)
      actionpack (= 5.2.8.1)
      actionview (= 5.2.8.1)
      activejob (= 5.2.8.1)
      mail (~> 2.5, >= 2.5.4)
      rails-dom-testing (~> 2.0)
    actionpack (5.2.8.1)
      actionview (= 5.2.8.1)
      activesupport (= 5.2.8.1)
      rack (~> 2.0, >= 2.0.8)
      rack-test (>= 0.6.3)
      rails-dom-testing (~> 2.0)
      rails-html-sanitizer (~> 1.0, >= 1.0.2)
    actionview (5.2.8.1)
      activesupport (= 5.2.8.1)
      builder (~> 3.1)
      erubi (~> 1.4)
      rails-dom-testing (~> 2.0)
      rails-html-sanitizer (~> 1.0, >= 1.0.3)
    activejob (5.2.8.1)
      activesupport (= 5.2.8.1)
      globalid (>= 0.3.6)
    activemodel (5.2.8.1)
      activesupport (= 5.2.8.1)
    activerecord (5.2.8.1)
      activemodel (= 5.2.8.1)
      activesupport (= 5.2.8.1)
      arel (>= 9.0)
    activestorage (5.2.8.1)
      actionpack (= 5.2.8.1)
      activerecord (= 5.2.8.1)
      marcel (~> 1.0.0)
    activesupport (5.2.8.1)
      concurrent-ruby (~> 1.0, >= 1.0.2)
      i18n (>= 0.7, < 2)
      minitest (~> 5.1)
      tzinfo (~> 1.1)
    addressable (2.8.1)
      public_suffix (>= 2.0.2, < 6.0)
    airbrussh (1.4.1)
      sshkit (>= 1.6.1, != 1.7.0)
    anycable (1.2.3)
      anycable-core (= 1.2.3)
      grpc (~> 1.37)
    anycable-core (1.2.3)
      anyway_config (>= 2.1.0)
      google-protobuf (>= 3.13)
    anycable-rails (1.1.4)
      actioncable (>= 5.1)
      anycable (~> 1.1)
      globalid
    anyway_config (2.3.0)
      ruby-next-core (>= 0.14.0)
    arel (9.0.0)
    aws_cf_signer (0.1.3)
    bcrypt (3.1.18)
    browser (5.3.1)
    builder (3.2.4)
    capistrano (3.16.0)
      airbrussh (>= 1.0.0)
      i18n
      rake (>= 10.0.0)
      sshkit (>= 1.9.0)
    capistrano-bundler (2.1.0)
      capistrano (~> 3.1)
    capistrano-rails (1.6.2)
      capistrano (~> 3.1)
      capistrano-bundler (>= 1.1, < 3)
    capistrano-rvm (0.1.2)
      capistrano (~> 3.0)
      sshkit (~> 1.2)
    cloudinary (1.23.0)
      aws_cf_signer
      rest-client (>= 2.0.0)
    cocoon (1.2.15)
    concurrent-ruby (1.1.10)
    concurrent-ruby-ext (1.1.10)
      concurrent-ruby (= 1.1.10)
    connection_pool (2.3.0)
    crass (1.0.6)
    default_value_for (3.4.0)
      activerecord (>= 3.2.0, < 7.0)
    devise (4.8.1)
      bcrypt (~> 3.0)
      orm_adapter (~> 0.1)
      railties (>= 4.1.0)
      responders
      warden (~> 1.2.3)
    devise-security (0.17.0)
      devise (>= 4.3.0)
    diff-lcs (1.5.0)
    domain_name (0.5.20190701)
      unf (>= 0.0.5, < 1.0.0)
    dotenv (2.8.1)
    dotenv-rails (2.8.1)
      dotenv (= 2.8.1)
      railties (>= 3.2)
    erubi (1.11.0)
    execjs (2.8.1)
    factory_bot (6.2.1)
      activesupport (>= 5.0.0)
    factory_bot_rails (6.2.0)
      factory_bot (~> 6.2.0)
      railties (>= 5.0.0)
    ffi (1.15.5)
    friendly_id (5.4.2)
      activerecord (>= 4.0.0)
    globalid (1.0.0)
      activesupport (>= 5.0)
    google-protobuf (3.21.7)
    google-protobuf (3.21.7-x86_64-linux)
    googleapis-common-protos-types (1.4.0)
      google-protobuf (~> 3.14)
    grpc (1.49.1)
      google-protobuf (~> 3.21)
      googleapis-common-protos-types (~> 1.0)
    grpc (1.49.1-x86_64-linux)
      google-protobuf (~> 3.21)
      googleapis-common-protos-types (~> 1.0)
    http-accept (1.7.0)
    http-cookie (1.0.5)
      domain_name (~> 0.5)
    i18n (1.12.0)
      concurrent-ruby (~> 1.0)
    jquery-rails (4.5.0)
      rails-dom-testing (>= 1, < 3)
      railties (>= 4.2.0)
      thor (>= 0.14, < 2.0)
    jquery-ui-rails (6.0.1)
      railties (>= 3.2.16)
    kaminari (1.2.2)
      activesupport (>= 4.1.0)
      kaminari-actionview (= 1.2.2)
      kaminari-activerecord (= 1.2.2)
      kaminari-core (= 1.2.2)
    kaminari-actionview (1.2.2)
      actionview
      kaminari-core (= 1.2.2)
    kaminari-activerecord (1.2.2)
      activerecord
      kaminari-core (= 1.2.2)
    kaminari-core (1.2.2)
    launchy (2.5.0)
      addressable (~> 2.7)
    letter_opener (1.8.1)
      launchy (>= 2.2, < 3)
    libv8-node (16.10.0.0)
    libv8-node (16.10.0.0-x86_64-linux)
    listen (3.7.1)
      rb-fsevent (~> 0.10, >= 0.10.3)
      rb-inotify (~> 0.9, >= 0.9.10)
    loofah (2.19.0)
      crass (~> 1.0.2)
      nokogiri (>= 1.5.9)
    mail (2.7.1)
      mini_mime (>= 0.1.1)
    marcel (1.0.2)
    method_source (1.0.0)
    mime-types (3.4.1)
      mime-types-data (~> 3.2015)
    mime-types-data (3.2022.0105)
    mini_mime (1.1.2)
    mini_portile2 (2.8.0)
    mini_racer (0.6.3)
      libv8-node (~> 16.10.0.0)
    minitest (5.16.3)
    net-scp (1.2.1)
      net-ssh (>= 2.6.5)
    net-ssh (7.0.1)
    netrc (0.11.0)
    nio4r (2.5.8)
    nokogiri (1.13.8)
      mini_portile2 (~> 2.8.0)
      racc (~> 1.4)
    nokogiri (1.13.8-x86_64-linux)
      racc (~> 1.4)
    orm_adapter (0.5.0)
    passenger_monit (0.1.1)
    pg (1.4.3)
    public_suffix (5.0.0)
    puma (5.6.5)
      nio4r (~> 2.0)
    racc (1.6.0)
    rack (2.2.4)
    rack-test (2.0.2)
      rack (>= 1.3)
    rails (5.2.8.1)
      actioncable (= 5.2.8.1)
      actionmailer (= 5.2.8.1)
      actionpack (= 5.2.8.1)
      actionview (= 5.2.8.1)
      activejob (= 5.2.8.1)
      activemodel (= 5.2.8.1)
      activerecord (= 5.2.8.1)
      activestorage (= 5.2.8.1)
      activesupport (= 5.2.8.1)
      bundler (>= 1.3.0)
      railties (= 5.2.8.1)
      sprockets-rails (>= 2.0.0)
    rails-dom-testing (2.0.3)
      activesupport (>= 4.2.0)
      nokogiri (>= 1.6)
    rails-html-sanitizer (1.4.3)
      loofah (~> 2.3)
    railties (5.2.8.1)
      actionpack (= 5.2.8.1)
      activesupport (= 5.2.8.1)
      method_source
      rake (>= 0.8.7)
      thor (>= 0.19.0, < 2.0)
    rake (13.0.6)
    rb-fsevent (0.11.2)
    rb-inotify (0.10.1)
      ffi (~> 1.0)
    redis (5.0.5)
      redis-client (>= 0.9.0)
    redis-client (0.9.0)
      connection_pool
    responders (3.0.1)
      actionpack (>= 5.0)
      railties (>= 5.0)
    rest-client (2.1.0)
      http-accept (>= 1.7.0, < 2.0)
      http-cookie (>= 1.0.2, < 2.0)
      mime-types (>= 1.16, < 4.0)
      netrc (~> 0.8)
    rspec-core (3.11.0)
      rspec-support (~> 3.11.0)
    rspec-expectations (3.11.1)
      diff-lcs (>= 1.2.0, < 2.0)
      rspec-support (~> 3.11.0)
    rspec-mocks (3.11.1)
      diff-lcs (>= 1.2.0, < 2.0)
      rspec-support (~> 3.11.0)
    rspec-rails (5.1.2)
      actionpack (>= 5.2)
      activesupport (>= 5.2)
      railties (>= 5.2)
      rspec-core (~> 3.10)
      rspec-expectations (~> 3.10)
      rspec-mocks (~> 3.10)
      rspec-support (~> 3.10)
    rspec-support (3.11.1)
    ruby-next-core (0.15.2)
    sass-rails (6.0.0)
      sassc-rails (~> 2.1, >= 2.1.1)
    sassc (2.4.0)
      ffi (~> 1.9)
    sassc-rails (2.1.2)
      railties (>= 4.0.0)
      sassc (>= 2.0)
      sprockets (> 3.0)
      sprockets-rails
      tilt
    sentry-ruby (5.5.0)
      concurrent-ruby (~> 1.0, >= 1.0.2)
    sprockets (4.1.1)
      concurrent-ruby (~> 1.0)
      rack (> 1, < 3)
    sprockets-rails (3.4.2)
      actionpack (>= 5.2)
      activesupport (>= 5.2)
      sprockets (>= 3.0.0)
    sshkit (1.21.3)
      net-scp (>= 1.1.2)
      net-ssh (>= 2.8.0)
    thor (1.2.1)
    thread_safe (0.3.6)
    tilt (2.0.11)
    tinymce-rails (4.9.11)
      railties (>= 3.1.1)
    tinymce-rails-langs (4.20190124)
      tinymce-rails (~> 4.1, >= 4.1.10)
    turbolinks (5.2.1)
      turbolinks-source (~> 5.2)
    turbolinks-source (5.2.0)
    tzinfo (1.2.10)
      thread_safe (~> 0.1)
    uglifier (4.2.0)
      execjs (>= 0.3.0, < 3)
    unf (0.1.4)
      unf_ext
    unf_ext (0.0.8.2)
    warden (1.2.9)
      rack (>= 2.0.9)
    websocket-driver (0.7.5)
      websocket-extensions (>= 0.1.0)
    websocket-extensions (0.1.5)

PLATFORMS
  ruby
  x86_64-linux

DEPENDENCIES
  acts_as_list!
  anycable-rails
  browser
  capistrano (= 3.16.0)
  capistrano-bundler
  capistrano-rails
  capistrano-rvm
  cloudinary
  cocoon
  concurrent-ruby
  concurrent-ruby-ext
  default_value_for
  devise
  devise-security
  dotenv-rails
  factory_bot_rails
  friendly_id
  jquery-rails
  jquery-ui-rails
  kaminari
  letter_opener
  listen
  mini_racer
  nokogiri
  passenger_monit
  pg
  puma
  rails (~> 5.0)
  rails-assets-datetimepicker!
  redis
  rspec-rails
  sass-rails
  sentry-ruby
  tinymce-rails
  tinymce-rails-imageupload!
  tinymce-rails-langs
  touchpunch-rails!
  turbolinks
  tzinfo-data
  uglifier

BUNDLED WITH
   2.3.7
